GEM
  remote: http://rubygems.org/
  specs:
    abstract (1.0.0)
    css_parser (1.1.8)
    diff-lcs (1.1.2)
    erubis (2.6.6)
      abstract (>= 1.0.0)
    fssm (0.2.6.1)
    git (1.2.5)
    hpricot (0.8.4)
    htmlentities (4.3.0)
    jeweler (1.5.2)
      bundler (~> 1.0.0)
      git (>= 1.2.5)
      rake
    premailer (1.6.2)
      css_parser (>= 1.1.3)
      hpricot (>= 0.8.3)
      htmlentities (>= 4.0.0)
    rake (0.8.7)
    rcov (0.9.9)
    rspec (2.3.0)
      rspec-core (~> 2.3.0)
      rspec-expectations (~> 2.3.0)
      rspec-mocks (~> 2.3.0)
    rspec-core (2.3.1)
    rspec-expectations (2.3.0)
      diff-lcs (~> 1.1.2)
    rspec-mocks (2.3.0)
    slop (1.3.1)
    yard (0.6.5)

PLATFORMS
  ruby

DEPENDENCIES
  bundler (~> 1.0.0)
  erubis
  fssm
  jeweler (~> 1.5.2)
  premailer
  rcov
  rspec (~> 2.3.0)
  slop
  yard (~> 0.6.0)
